STORAGE: NONE
RESTRICTION: || (== net6.0) (== netstandard2.0)
NUGET
  remote: https://api.nuget.org/v3/index.json
    Fable.AST (4.2)
    Fable.Browser.Blob (1.2)
      Fable.Core (>= 3.0)
      FSharp.Core (>= 4.7.2)
    Fable.Browser.Dom (2.10)
      Fable.Browser.Blob (>= 1.2)
      Fable.Browser.Event (>= 1.5)
      Fable.Browser.WebStorage (>= 1.1)
      Fable.Core (>= 3.2.8)
      FSharp.Core (>= 4.7.2)
    Fable.Browser.Event (1.5)
      Fable.Browser.Gamepad (>= 1.1)
      Fable.Core (>= 3.0)
      FSharp.Core (>= 4.7.2)
    Fable.Browser.Gamepad (1.1)
      Fable.Core (>= 3.0)
      FSharp.Core (>= 4.7.2)
    Fable.Browser.WebStorage (1.1)
      Fable.Browser.Event (>= 1.5)
      Fable.Core (>= 3.0)
      FSharp.Core (>= 4.7.2)
    Fable.Core (3.7.1)
    Fable.React (8.0.1)
      Fable.Browser.Dom (>= 2.4.4)
      Fable.Core (>= 3.2.7)
      FSharp.Core (>= 4.7.2)
    Feliz (1.68)
      Fable.Core (>= 3.1.5)
      Fable.React (>= 7.4)
      Feliz.CompilerPlugins (>= 1.10)
      FSharp.Core (>= 4.7.2)
    Feliz.CompilerPlugins (1.10)
      Fable.AST (>= 3.0)
      FSharp.Core (>= 4.7.2)
    FParsec (1.1.1)
      FSharp.Core (>= 4.3.4)
    FSharp.Core (4.7.2)
    FSharp.Data (4.2.8)
      FSharp.Core (>= 4.7.2)
    HtmlAgilityPack (1.11.46)
    ReverseMarkdown (3.24)
      HtmlAgilityPack (>= 1.11.45)

GROUP DocsApp
STORAGE: NONE
RESTRICTION: || (== net6.0) (== netstandard2.0)
NUGET
  remote: https://api.nuget.org/v3/index.json
    Fable.AST (4.2.1)
    Fable.Browser.Blob (1.2)
      Fable.Core (>= 3.0)
      FSharp.Core (>= 4.7.2)
    Fable.Browser.Dom (2.10)
      Fable.Browser.Blob (>= 1.2)
      Fable.Browser.Event (>= 1.5)
      Fable.Browser.WebStorage (>= 1.1)
      Fable.Core (>= 3.2.8)
      FSharp.Core (>= 4.7.2)
    Fable.Browser.Event (1.5)
      Fable.Browser.Gamepad (>= 1.1)
      Fable.Core (>= 3.0)
      FSharp.Core (>= 4.7.2)
    Fable.Browser.Gamepad (1.1)
      Fable.Core (>= 3.0)
      FSharp.Core (>= 4.7.2)
    Fable.Browser.WebStorage (1.1)
      Fable.Browser.Event (>= 1.5)
      Fable.Core (>= 3.0)
      FSharp.Core (>= 4.7.2)
    Fable.Browser.XMLHttpRequest (1.2)
      Fable.Browser.Blob (>= 1.2)
      Fable.Browser.Event (>= 1.5)
      Fable.Core (>= 3.0)
      FSharp.Core (>= 4.7.2)
    Fable.Core (4.0.0-theta-007)
    Fable.DateFunctions (3.9)
      Fable.Core (>= 3.1.6)
      FSharp.Core (>= 4.7.2)
    Fable.Elmish (4.0.0-beta-3)
      Fable.Core (>= 3.6.1)
      FSharp.Core (>= 4.7.2)
    Fable.Elmish.Debugger (4.0.0-beta-1)
      Fable.Elmish (>= 4.0.0-beta-1)
      FSharp.Core (>= 5.0)
      Thoth.Json (>= 6.0)
    Fable.Elmish.HMR (6.0.0-beta-002)
      Fable.Core (>= 3.6.1)
      Fable.Elmish.React (>= 4.0.0-beta-1)
      FSharp.Core (>= 4.7.2)
    Fable.Elmish.React (4.0.0-beta-1)
      Fable.Elmish (>= 4.0.0-beta-1)
      Fable.React (>= 6.2)
      FSharp.Core (>= 4.7.2)
    Fable.Mocha (2.15)
      Fable.Core (>= 3.0)
      FSharp.Core (>= 4.7)
    Fable.React (8.0.1)
      Fable.Browser.Dom (>= 2.4.4)
      Fable.Core (>= 3.2.7)
      FSharp.Core (>= 4.7.2)
    Fable.SimpleHttp (3.5)
      Fable.Browser.Dom (>= 1.0)
      Fable.Browser.XMLHttpRequest (>= 1.1)
      Fable.Core (>= 3.0)
      FSharp.Core (>= 4.6.2)
    Feliz (1.68)
      Fable.Core (>= 3.1.5)
      Fable.React (>= 7.4)
      Feliz.CompilerPlugins (>= 1.10)
      FSharp.Core (>= 4.7.2)
    Feliz.CompilerPlugins (2.0)
      Fable.AST (>= 4.2.1)
      FSharp.Core (>= 4.7.2)
    Feliz.Markdown (1.3.1)
      Feliz (>= 1.33.1)
      FSharp.Core (>= 4.7.2)
    Feliz.Router (3.10)
      Fable.Core (>= 3.1.6)
      Fable.Elmish (>= 3.1)
      Feliz (>= 1.68)
      FSharp.Core (>= 4.7.2)
    Feliz.UseElmish (1.6)
      Fable.Elmish (>= 3.0.6)
      Feliz (>= 1.55)
      FSharp.Core (>= 4.7.2)
    FSharp.Core (7.0.200)
    Thoth.Json (7.0)
      Fable.Core (>= 3.1.6)
      FSharp.Core (>= 4.7.2)
    Zanaptak.TypedCssClasses (1.0)
      FSharp.Core (>= 4.3.4)

GROUP FakeBuild
STORAGE: NONE
RESTRICTION: == net6.0
NUGET
  remote: https://api.nuget.org/v3/index.json
    BlackFox.VsWhere (1.1)
      FSharp.Core (>= 4.2.3)
      Microsoft.Win32.Registry (>= 4.7)
    Fake.Core.CommandLineParsing (5.23)
      FParsec (>= 1.1.1)
      FSharp.Core (>= 6.0)
    Fake.Core.Context (5.23)
      FSharp.Core (>= 6.0)
    Fake.Core.Environment (5.23)
      FSharp.Core (>= 6.0)
    Fake.Core.FakeVar (5.23)
      Fake.Core.Context (>= 5.23)
      FSharp.Core (>= 6.0)
    Fake.Core.Process (5.23)
      Fake.Core.Environment (>= 5.23)
      Fake.Core.FakeVar (>= 5.23)
      Fake.Core.String (>= 5.23)
      Fake.Core.Trace (>= 5.23)
      Fake.IO.FileSystem (>= 5.23)
      FSharp.Core (>= 6.0)
      System.Collections.Immutable (>= 5.0)
    Fake.Core.SemVer (5.23)
      FSharp.Core (>= 6.0)
    Fake.Core.String (5.23)
      FSharp.Core (>= 6.0)
    Fake.Core.Target (5.23)
      Fake.Core.CommandLineParsing (>= 5.23)
      Fake.Core.Context (>= 5.23)
      Fake.Core.Environment (>= 5.23)
      Fake.Core.FakeVar (>= 5.23)
      Fake.Core.Process (>= 5.23)
      Fake.Core.String (>= 5.23)
      Fake.Core.Trace (>= 5.23)
      FSharp.Control.Reactive (>= 5.0.2)
      FSharp.Core (>= 6.0)
    Fake.Core.Tasks (5.23)
      Fake.Core.Trace (>= 5.23)
      FSharp.Core (>= 6.0)
    Fake.Core.Trace (5.23)
      Fake.Core.Environment (>= 5.23)
      Fake.Core.FakeVar (>= 5.23)
      FSharp.Core (>= 6.0)
    Fake.Core.Xml (5.23)
      Fake.Core.String (>= 5.23)
      FSharp.Core (>= 6.0)
    Fake.DotNet.Cli (5.23)
      Fake.Core.Environment (>= 5.23)
      Fake.Core.Process (>= 5.23)
      Fake.Core.String (>= 5.23)
      Fake.Core.Trace (>= 5.23)
      Fake.DotNet.MSBuild (>= 5.23)
      Fake.DotNet.NuGet (>= 5.23)
      Fake.IO.FileSystem (>= 5.23)
      FSharp.Core (>= 6.0)
      Mono.Posix.NETStandard (>= 1.0)
      Newtonsoft.Json (>= 13.0.1)
    Fake.DotNet.MSBuild (5.23)
      BlackFox.VsWhere (>= 1.1)
      Fake.Core.Environment (>= 5.23)
      Fake.Core.Process (>= 5.23)
      Fake.Core.String (>= 5.23)
      Fake.Core.Trace (>= 5.23)
      Fake.IO.FileSystem (>= 5.23)
      FSharp.Core (>= 6.0)
      MSBuild.StructuredLogger (>= 2.1.545)
    Fake.DotNet.NuGet (5.23)
      Fake.Core.Environment (>= 5.23)
      Fake.Core.Process (>= 5.23)
      Fake.Core.SemVer (>= 5.23)
      Fake.Core.String (>= 5.23)
      Fake.Core.Tasks (>= 5.23)
      Fake.Core.Trace (>= 5.23)
      Fake.Core.Xml (>= 5.23)
      Fake.IO.FileSystem (>= 5.23)
      Fake.Net.Http (>= 5.23)
      FSharp.Core (>= 6.0)
      Newtonsoft.Json (>= 13.0.1)
      NuGet.Protocol (>= 5.11)
    Fake.DotNet.Paket (5.23)
      Fake.Core.Process (>= 5.23)
      Fake.Core.String (>= 5.23)
      Fake.Core.Trace (>= 5.23)
      Fake.DotNet.Cli (>= 5.23)
      Fake.IO.FileSystem (>= 5.23)
      FSharp.Core (>= 6.0)
    Fake.IO.FileSystem (5.23)
      Fake.Core.String (>= 5.23)
      FSharp.Core (>= 6.0)
    Fake.JavaScript.Npm (5.23)
      Fake.Core.Environment (>= 5.23)
      Fake.Core.Process (>= 5.23)
      Fake.IO.FileSystem (>= 5.23)
      Fake.Testing.Common (>= 5.23)
      FSharp.Core (>= 6.0)
    Fake.Net.Http (5.23)
      Fake.Core.Trace (>= 5.23)
      FSharp.Core (>= 6.0)
    Fake.Testing.Common (5.23)
      Fake.Core.Trace (>= 5.23)
      FSharp.Core (>= 6.0)
    FParsec (1.1.1)
      FSharp.Core (>= 4.3.4)
    FSharp.Control.Reactive (5.0.5)
      FSharp.Core (>= 4.7.2)
      System.Reactive (>= 5.0 < 6.0)
    FSharp.Core (6.0.6)
    Microsoft.Build (17.3.1)
      Microsoft.Build.Framework (>= 17.3.1)
      Microsoft.NET.StringTools (>= 17.3.1)
      System.Collections.Immutable (>= 6.0)
      System.Configuration.ConfigurationManager (>= 6.0)
      System.Reflection.Metadata (>= 6.0)
      System.Reflection.MetadataLoadContext (>= 6.0)
      System.Security.Principal.Windows (>= 5.0)
      System.Text.Encoding.CodePages (>= 6.0)
      System.Text.Json (>= 6.0)
      System.Threading.Tasks.Dataflow (>= 6.0)
    Microsoft.Build.Framework (17.3.1)
      System.Security.Permissions (>= 6.0)
    Microsoft.Build.Tasks.Core (17.3.1)
      Microsoft.Build.Framework (>= 17.3.1)
      Microsoft.Build.Utilities.Core (>= 17.3.1)
      Microsoft.NET.StringTools (>= 17.3.1)
      System.CodeDom (>= 6.0)
      System.Collections.Immutable (>= 6.0)
      System.Reflection.Metadata (>= 6.0)
      System.Resources.Extensions (>= 6.0)
      System.Security.Cryptography.Pkcs (>= 6.0.1)
      System.Security.Cryptography.Xml (>= 6.0)
      System.Security.Permissions (>= 6.0)
      System.Threading.Tasks.Dataflow (>= 6.0)
    Microsoft.Build.Utilities.Core (17.3.1)
      Microsoft.Build.Framework (>= 17.3.1)
      Microsoft.NET.StringTools (>= 17.3.1)
      System.Collections.Immutable (>= 6.0)
      System.Configuration.ConfigurationManager (>= 6.0)
    Microsoft.NET.StringTools (17.3.1)
      System.Memory (>= 4.5.5)
      System.Runtime.CompilerServices.Unsafe (>= 6.0)
    Microsoft.Win32.Registry (5.0)
      System.Security.AccessControl (>= 5.0)
      System.Security.Principal.Windows (>= 5.0)
    Microsoft.Win32.SystemEvents (6.0.1)
    Mono.Posix.NETStandard (1.0)
    MSBuild.StructuredLogger (2.1.669)
      Microsoft.Build (>= 16.10)
      Microsoft.Build.Framework (>= 16.10)
      Microsoft.Build.Tasks.Core (>= 16.10)
      Microsoft.Build.Utilities.Core (>= 16.10)
    Newtonsoft.Json (13.0.1)
    NuGet.Common (6.3)
      NuGet.Frameworks (>= 6.3)
    NuGet.Configuration (6.3)
      NuGet.Common (>= 6.3)
      System.Security.Cryptography.ProtectedData (>= 4.4)
    NuGet.Frameworks (6.3)
    NuGet.Packaging (6.3)
      Newtonsoft.Json (>= 13.0.1)
      NuGet.Configuration (>= 6.3)
      NuGet.Versioning (>= 6.3)
      System.Security.Cryptography.Cng (>= 5.0)
      System.Security.Cryptography.Pkcs (>= 5.0)
    NuGet.Protocol (6.3)
      NuGet.Packaging (>= 6.3)
    NuGet.Versioning (6.3)
    System.CodeDom (6.0)
    System.Collections.Immutable (6.0)
      System.Runtime.CompilerServices.Unsafe (>= 6.0)
    System.Configuration.ConfigurationManager (6.0.1)
      System.Security.Cryptography.ProtectedData (>= 6.0)
      System.Security.Permissions (>= 6.0)
    System.Drawing.Common (6.0)
      Microsoft.Win32.SystemEvents (>= 6.0)
    System.Formats.Asn1 (6.0)
    System.Memory (4.5.5)
    System.Reactive (5.0)
    System.Reflection.Metadata (6.0.1)
      System.Collections.Immutable (>= 6.0)
    System.Reflection.MetadataLoadContext (6.0)
      System.Collections.Immutable (>= 6.0)
      System.Reflection.Metadata (>= 6.0)
    System.Resources.Extensions (6.0)
    System.Runtime.CompilerServices.Unsafe (6.0)
    System.Security.AccessControl (6.0)
    System.Security.Cryptography.Cng (5.0)
      System.Formats.Asn1 (>= 5.0)
    System.Security.Cryptography.Pkcs (6.0.1)
      System.Formats.Asn1 (>= 6.0)
    System.Security.Cryptography.ProtectedData (6.0)
    System.Security.Cryptography.Xml (6.0.1)
      System.Security.AccessControl (>= 6.0)
      System.Security.Cryptography.Pkcs (>= 6.0.1)
    System.Security.Permissions (6.0)
      System.Security.AccessControl (>= 6.0)
      System.Windows.Extensions (>= 6.0)
    System.Security.Principal.Windows (5.0)
    System.Text.Encoding.CodePages (6.0)
      System.Runtime.CompilerServices.Unsafe (>= 6.0)
    System.Text.Encodings.Web (6.0)
      System.Runtime.CompilerServices.Unsafe (>= 6.0)
    System.Text.Json (6.0.6)
      System.Runtime.CompilerServices.Unsafe (>= 6.0)
      System.Text.Encodings.Web (>= 6.0)
    System.Threading.Tasks.Dataflow (6.0)
    System.Windows.Extensions (6.0)
      System.Drawing.Common (>= 6.0)
